GEM
  remote: https://rubygems.org/
  specs:
    ast (2.3.0)
    encrypted_cookie (0.0.4)
    json (2.1.0)
    parallel (1.11.2)
    parser (2.4.0.0)
      ast (~> 2.2)
    pg (0.18.2)
    powerpack (0.1.1)
    puma (3.8.2)
    rack (1.6.8)
    rack-protection (1.5.3)
      rack
    rainbow (2.2.2)
      rake
    rake (12.0.0)
    rubocop (0.49.1)
      parallel (~> 1.10)
      parser (>= 2.3.3.1, < 3.0)
      powerpack (~> 0.1)
      rainbow (>= 1.99.1, < 3.0)
      ruby-progressbar (~> 1.7)
      unicode-display_width (~> 1.0, >= 1.0.1)
    ruby-progressbar (1.8.1)
    sinatra (1.4.8)
      rack (~> 1.5)
      rack-protection (~> 1.4)
      tilt (>= 1.3, < 3)
    tilt (2.0.8)
    unicode-display_width (1.3.0)

PLATFORMS
  ruby

DEPENDENCIES
  encrypted_cookie (= 0.0.4)
  json (= 2.1.0)
  pg (= 0.18.2)
  puma (= 3.8.2)
  rubocop
  sinatra (= 1.4.8)

BUNDLED WITH
   1.15.3
